GIT
  remote: https://github.com/inkstak/musicbrainz.git
  revision: e83fd26e2b252e738d2923ad2642e6045eac2e4b
  tag: 1.0.0
  specs:
    musicbrainz (1.0.0)
      activesupport
      faraday
      faraday_middleware
      hashie (>= 3.2.0)

GEM
  remote: https://rubygems.org/
  specs:
    actioncable (5.2.2)
      actionpack (= 5.2.2)
      nio4r (~> 2.0)
      websocket-driver (>= 0.6.1)
    actionmailer (5.2.2)
      actionpack (= 5.2.2)
      actionview (= 5.2.2)
      activejob (= 5.2.2)
      mail (~> 2.5, >= 2.5.4)
      rails-dom-testing (~> 2.0)
    actionpack (5.2.2)
      actionview (= 5.2.2)
      activesupport (= 5.2.2)
      rack (~> 2.0)
      rack-test (>= 0.6.3)
      rails-dom-testing (~> 2.0)
      rails-html-sanitizer (~> 1.0, >= 1.0.2)
    actionview (5.2.2)
      activesupport (= 5.2.2)
      builder (~> 3.1)
      erubi (~> 1.4)
      rails-dom-testing (~> 2.0)
      rails-html-sanitizer (~> 1.0, >= 1.0.3)
    active_model_serializers (0.10.8)
      actionpack (>= 4.1, < 6)
      activemodel (>= 4.1, < 6)
      case_transform (>= 0.2)
      jsonapi-renderer (>= 0.1.1.beta1, < 0.3)
    activejob (5.2.2)
      activesupport (= 5.2.2)
      globalid (>= 0.3.6)
    activemodel (5.2.2)
      activesupport (= 5.2.2)
    activerecord (5.2.2)
      activemodel (= 5.2.2)
      activesupport (= 5.2.2)
      arel (>= 9.0)
    activestorage (5.2.2)
      actionpack (= 5.2.2)
      activerecord (= 5.2.2)
      marcel (~> 0.3.1)
    activesupport (5.2.2)
      concurrent-ruby (~> 1.0, >= 1.0.2)
      i18n (>= 0.7, < 2)
      minitest (~> 5.1)
      tzinfo (~> 1.1)
    addressable (2.5.2)
      public_suffix (>= 2.0.2, < 4.0)
    annotate (2.7.4)
      activerecord (>= 3.2, < 6.0)
      rake (>= 10.4, < 13.0)
    ar_lazy_preload (0.2.2)
    archive-zip (0.11.0)
      io-like (~> 0.3.0)
    arel (9.0.0)
    ast (2.4.0)
    axiom-types (0.1.1)
      descendants_tracker (~> 0.0.4)
      ice_nine (~> 0.11.0)
      thread_safe (~> 0.3, >= 0.3.1)
    barnes (0.0.7)
      multi_json (~> 1)
      statsd-ruby (~> 1.1)
    bcrypt (3.1.12)
    better_errors (2.5.0)
      coderay (>= 1.0.0)
      erubi (>= 1.0.0)
      rack (>= 0.9.0)
    binding_of_caller (0.8.0)
      debug_inspector (>= 0.0.1)
    bootsnap (1.3.2)
      msgpack (~> 1.0)
    builder (3.2.3)
    bundleup (0.6.1)
    byebug (10.0.2)
    capybara (3.11.1)
      addressable
      mini_mime (>= 0.1.3)
      nokogiri (~> 1.8)
      rack (>= 1.6.0)
      rack-test (>= 0.6.3)
      regexp_parser (~> 1.2)
      xpath (~> 3.2)
    case_transform (0.2)
      activesupport
    childprocess (0.9.0)
      ffi (~> 1.0, >= 1.0.11)
    chromedriver-helper (2.1.0)
      archive-zip (~> 0.10)
      nokogiri (~> 1.8)
    coderay (1.1.2)
    coercible (1.0.0)
      descendants_tracker (~> 0.0.1)
    coffee-rails (4.2.2)
      coffee-script (>= 2.2.0)
      railties (>= 4.0.0)
    coffee-script (2.4.1)
      coffee-script-source
      execjs
    coffee-script-source (1.12.2)
    colorize (0.8.1)
    concurrent-ruby (1.1.3)
    connection_pool (2.2.2)
    crass (1.0.4)
    dalli (2.7.9)
    debug_inspector (0.0.3)
    descendants_tracker (0.0.4)
      thread_safe (~> 0.3, >= 0.3.1)
    devise (4.5.0)
      bcrypt (~> 3.0)
      orm_adapter (~> 0.1)
      railties (>= 4.1.0, < 6.0)
      responders
      warden (~> 1.2.3)
    domain_name (0.5.20180417)
      unf (>= 0.0.5, < 1.0.0)
    equalizer (0.0.11)
    erubi (1.7.1)
    et-orbi (1.1.6)
      tzinfo
    execjs (2.7.0)
    faker (1.9.1)
      i18n (>= 0.7)
    faraday (0.15.3)
      multipart-post (>= 1.2, < 3)
    faraday_middleware (0.12.2)
      faraday (>= 0.7.4, < 1.0)
    feedjira (2.2.0)
      faraday (>= 0.9)
      faraday_middleware (>= 0.9)
      loofah (>= 2.0)
      sax-machine (>= 1.0)
    ffi (1.9.25)
    figaro (1.1.1)
      thor (~> 0.14)
    font-awesome-rails (4.7.0.4)
      railties (>= 3.2, < 6.0)
    foreman (0.85.0)
      thor (~> 0.19.1)
    fugit (1.1.6)
      et-orbi (~> 1.1, >= 1.1.6)
      raabro (~> 1.1)
    geokit (1.13.1)
    geokit-rails (2.3.1)
      geokit (~> 1.5)
      rails (>= 3.0)
    get_process_mem (0.2.3)
    globalid (0.4.1)
      activesupport (>= 4.2.0)
    haml (5.0.4)
      temple (>= 0.8.0)
      tilt
    hashie (3.5.7)
    http-cookie (1.0.3)
      domain_name (~> 0.5)
    httparty (0.16.3)
      mime-types (~> 3.0)
      multi_xml (>= 0.5.2)
    i18n (1.1.1)
      concurrent-ruby (~> 1.0)
    ice_nine (0.11.2)
    intercom-rails (0.4.0)
      activesupport (> 3.0)
    io-like (0.3.0)
    jaro_winkler (1.5.1)
    jbuilder (2.8.0)
      activesupport (>= 4.2.0)
      multi_json (>= 1.2)
    jquery-rails (4.3.3)
      rails-dom-testing (>= 1, < 3)
      railties (>= 4.2.0)
      thor (>= 0.14, < 2.0)
    jquery-ui-rails (6.0.1)
      railties (>= 3.2.16)
    jsonapi-renderer (0.2.0)
    jwt (2.1.0)
    kaminari (1.1.1)
      activesupport (>= 4.1.0)
      kaminari-actionview (= 1.1.1)
      kaminari-activerecord (= 1.1.1)
      kaminari-core (= 1.1.1)
    kaminari-actionview (1.1.1)
      actionview
      kaminari-core (= 1.1.1)
    kaminari-activerecord (1.1.1)
      activerecord
      kaminari-core (= 1.1.1)
    kaminari-core (1.1.1)
    lastfm (1.27.2)
      activesupport (>= 3.2.0)
      httparty
      xml-simple
    launchy (2.4.3)
      addressable (~> 2.3)
    letter_opener (1.6.0)
      launchy (~> 2.2)
    listen (3.1.5)
      rb-fsevent (~> 0.9, >= 0.9.4)
      rb-inotify (~> 0.9, >= 0.9.7)
      ruby_dep (~> 1.2)
    loofah (2.2.3)
      crass (~> 1.0.2)
      nokogiri (>= 1.5.9)
    mail (2.7.1)
      mini_mime (>= 0.1.1)
    marcel (0.3.3)
      mimemagic (~> 0.3.2)
    memcachier (0.0.2)
    method_source (0.9.2)
    mime-types (3.2.2)
      mime-types-data (~> 3.2015)
    mime-types-data (3.2018.0812)
    mimemagic (0.3.2)
    mini_mime (1.0.1)
    mini_portile2 (2.3.0)
    minitest (5.11.3)
    msgpack (1.2.4)
    multi_json (1.13.1)
    multi_xml (0.6.0)
    multipart-post (2.0.0)
    nested_form (0.3.2)
    netrc (0.11.0)
    nio4r (2.3.1)
    nokogiri (1.8.5)
      mini_portile2 (~> 2.3.0)
    oauth (0.5.4)
    oauth2 (1.4.1)
      faraday (>= 0.8, < 0.16.0)
      jwt (>= 1.0, < 3.0)
      multi_json (~> 1.3)
      multi_xml (~> 0.5)
      rack (>= 1.2, < 3)
    omniauth (1.8.1)
      hashie (>= 3.4.6, < 3.6.0)
      rack (>= 1.6.2, < 3)
    omniauth-facebook (5.0.0)
      omniauth-oauth2 (~> 1.2)
    omniauth-oauth (1.1.0)
      oauth
      omniauth (~> 1.0)
    omniauth-oauth2 (1.3.1)
      oauth2 (~> 1.0)
      omniauth (~> 1.2)
    omniauth-spotify (0.0.13)
      omniauth-oauth2 (~> 1.1)
    omniauth-twitter (1.4.0)
      omniauth-oauth (~> 1.1)
      rack
    opengraph_parser (0.2.3)
      addressable
      nokogiri
    orm_adapter (0.5.0)
    parallel (1.12.1)
    parser (2.5.3.0)
      ast (~> 2.4.0)
    pg (1.1.3)
    powerpack (0.1.2)
    public_suffix (3.0.3)
    puma (3.12.0)
    puma_worker_killer (0.1.0)
      get_process_mem (~> 0.2)
      puma (>= 2.7, < 4)
    raabro (1.1.6)
    rack (2.0.6)
    rack-cors (1.0.2)
    rack-pjax (1.0.0)
      nokogiri (~> 1.5)
      rack (>= 1.1)
    rack-protection (2.0.4)
      rack
    rack-test (1.1.0)
      rack (>= 1.0, < 3)
    rails (5.2.2)
      actioncable (= 5.2.2)
      actionmailer (= 5.2.2)
      actionpack (= 5.2.2)
      actionview (= 5.2.2)
      activejob (= 5.2.2)
      activemodel (= 5.2.2)
      activerecord (= 5.2.2)
      activestorage (= 5.2.2)
      activesupport (= 5.2.2)
      bundler (>= 1.3.0)
      railties (= 5.2.2)
      sprockets-rails (>= 2.0.0)
    rails-dom-testing (2.0.3)
      activesupport (>= 4.2.0)
      nokogiri (>= 1.6)
    rails-html-sanitizer (1.0.4)
      loofah (~> 2.2, >= 2.2.2)
    rails_admin (1.4.2)
      builder (~> 3.1)
      coffee-rails (~> 4.0)
      font-awesome-rails (>= 3.0, < 5)
      haml (>= 4.0, < 6)
      jquery-rails (>= 3.0, < 5)
      jquery-ui-rails (>= 5.0, < 7)
      kaminari (>= 0.14, < 2.0)
      nested_form (~> 0.3)
      rack-pjax (>= 0.7)
      rails (>= 4.0, < 6)
      remotipart (~> 1.3)
      sass-rails (>= 4.0, < 6)
    rails_refactor (1.4.4)
    railties (5.2.2)
      actionpack (= 5.2.2)
      activesupport (= 5.2.2)
      method_source
      rake (>= 0.8.7)
      thor (>= 0.19.0, < 2.0)
    rainbow (3.0.0)
    rake (12.3.1)
    rb-fsevent (0.10.3)
    rb-inotify (0.9.10)
      ffi (>= 0.5.0, < 2)
    redis (4.0.3)
    redis-prescription (1.0.0)
    regexp_parser (1.3.0)
    remotipart (1.4.2)
    responders (2.4.0)
      actionpack (>= 4.2.0, < 5.3)
      railties (>= 4.2.0, < 5.3)
    rest-client (2.0.2)
      http-cookie (>= 1.0.2, < 2.0)
      mime-types (>= 1.16, < 4.0)
      netrc (~> 0.8)
    rspotify (2.3.1)
      omniauth-oauth2 (~> 1.3.1)
      rest-client (~> 2.0.2)
    rubocop (0.60.0)
      jaro_winkler (~> 1.5.1)
      parallel (~> 1.10)
      parser (>= 2.5, != 2.5.1.1)
      powerpack (~> 0.1)
      rainbow (>= 2.2.2, < 4.0)
      ruby-progressbar (~> 1.7)
      unicode-display_width (~> 1.4.0)
    rubocop-rails_config (0.2.6)
      railties (>= 3.0)
      rubocop (~> 0.56)
    rubocop-rspec (1.30.1)
      rubocop (>= 0.60.0)
    ruby-progressbar (1.10.0)
    ruby_dep (1.5.0)
    rubyzip (1.2.2)
    sass (3.7.2)
      sass-listen (~> 4.0.0)
    sass-listen (4.0.0)
      rb-fsevent (~> 0.9, >= 0.9.4)
      rb-inotify (~> 0.9, >= 0.9.7)
    sass-rails (5.0.7)
      railties (>= 4.0.0, < 6)
      sass (~> 3.1)
      sprockets (>= 2.8, < 4.0)
      sprockets-rails (>= 2.0, < 4.0)
      tilt (>= 1.1, < 3)
    sax-machine (1.3.2)
    scout_apm (2.4.20)
    selenium-webdriver (3.141.0)
      childprocess (~> 0.5)
      rubyzip (~> 1.2, >= 1.2.2)
    sentry-raven (2.7.4)
      faraday (>= 0.7.6, < 1.0)
    sidekiq (5.2.3)
      connection_pool (~> 2.2, >= 2.2.2)
      rack-protection (>= 1.5.0)
      redis (>= 3.3.5, < 5)
    sidekiq-cron (1.0.4)
      fugit (~> 1.1)
      sidekiq (>= 4.2.1)
    sidekiq-failures (1.0.0)
      sidekiq (>= 4.0.0)
    sidekiq-throttled (0.9.0)
      concurrent-ruby
      redis-prescription
      sidekiq
    sidekiq-unique-jobs (6.0.6)
      concurrent-ruby (~> 1.0, >= 1.0.5)
      sidekiq (>= 4.0, < 6.0)
      thor (~> 0)
    spring (2.0.2)
      activesupport (>= 4.2)
    spring-watcher-listen (2.0.1)
      listen (>= 2.7, < 4.0)
      spring (>= 1.2, < 3.0)
    sprockets (3.7.2)
      concurrent-ruby (~> 1.0)
      rack (> 1, < 3)
    sprockets-rails (3.2.1)
      actionpack (>= 4.0)
      activesupport (>= 4.0)
      sprockets (>= 3.0.0)
    statsd-ruby (1.4.0)
    storext (2.2.2)
      rails (>= 4.0, < 6.0)
      virtus
    temple (0.8.0)
    textacular (5.1.0)
      activerecord (>= 5.0, < 6.0)
    thor (0.19.4)
    thread_safe (0.3.6)
    tilt (2.0.8)
    turbolinks (5.2.0)
      turbolinks-source (~> 5.2)
    turbolinks-source (5.2.0)
    tzinfo (1.2.5)
      thread_safe (~> 0.1)
    uglifier (4.1.20)
      execjs (>= 0.3.0, < 3)
    unf (0.1.4)
      unf_ext
    unf_ext (0.0.7.5)
    unicode-display_width (1.4.0)
    virtus (1.0.5)
      axiom-types (~> 0.1)
      coercible (~> 1.0)
      descendants_tracker (~> 0.0, >= 0.0.3)
      equalizer (~> 0.0, >= 0.0.9)
    warden (1.2.8)
      rack (>= 2.0.6)
    websocket-driver (0.7.0)
      websocket-extensions (>= 0.1.0)
    websocket-extensions (0.1.3)
    will_paginate (3.1.6)
    with_advisory_lock (4.0.0)
      activerecord (>= 4.2)
    xml-simple (1.1.5)
    xpath (3.2.0)
      nokogiri (~> 1.8)

PLATFORMS
  ruby

DEPENDENCIES
  active_model_serializers
  annotate
  ar_lazy_preload
  barnes
  better_errors
  binding_of_caller
  bootsnap (>= 1.1.0)
  bundleup
  byebug
  capybara (>= 2.15, < 4.0)
  chromedriver-helper
  coffee-rails (~> 4.2)
  colorize
  dalli
  devise
  faker
  feedjira
  figaro
  foreman
  geokit-rails
  httparty
  intercom-rails
  jbuilder (~> 2.5)
  jquery-rails
  jwt
  lastfm
  letter_opener
  listen (>= 3.0.5, < 3.2)
  memcachier
  musicbrainz!
  omniauth
  omniauth-facebook
  omniauth-spotify
  omniauth-twitter
  opengraph_parser
  pg
  puma
  puma_worker_killer
  rack-cors
  rails (~> 5.2.2)
  rails_admin (~> 1.3)
  rails_refactor
  rspotify
  rubocop
  rubocop-rails_config
  rubocop-rspec
  sass-rails (~> 5.0)
  scout_apm
  selenium-webdriver
  sentry-raven
  sidekiq
  sidekiq-cron
  sidekiq-failures
  sidekiq-throttled
  sidekiq-unique-jobs
  spring
  spring-watcher-listen (~> 2.0.0)
  storext
  textacular (~> 5.0)
  turbolinks (~> 5)
  tzinfo-data
  uglifier (>= 1.3.0)
  will_paginate (~> 3.1.0)
  with_advisory_lock

RUBY VERSION
   ruby 2.5.1p57

BUNDLED WITH
   1.17.1
